{
	"Manufacturer": "Siemens",
	"ManufacturersModelName": "Prisma_fit",
	"EchoTrainLength": 105,
	"AcquisitionNumber": 1,
	"InstitutionName": "HUP",
	"InstitutionAddress": "Spruce_Street_3400_Philadelphia_Pennsylvania_US_19104",
	"DeviceSerialNumber": "167024",
	"SoftwareVersions": "syngo_MR_E11",
	"ProcedureStepDescription": "MR_HEAD_WO_IV_CONTRAST",
	"ScanningSequence": "EP",
	"SequenceVariant": "SK_SP",
	"SeriesDescription": "ABCD_dMRI_DistortionMap_PA",
	"BodyPartExamined": "BRAIN",
	"ProtocolName": "ABCD_dMRI_DistortionMap_PA",
	"SequenceName": "ep_b0",
	"ImageType": ["ORIGINAL", "PRIMARY", "DIFFUSION", "NONE", "ND"],
	"AcquisitionTime": "16:41:20.860000",
	"MagneticFieldStrength": 3,
	"FlipAngle": 90,
	"EchoTime": 0.089,
	"RepetitionTime": 12.4,
	"PhaseEncodingLines": 140,
	"BandwidthPerPixelPhaseEncode": 10.352,
	"EffectiveEchoSpacing": 0.000689998,
	"TotalReadoutTime": 0.0717598,
	"PhaseEncodingDirection": "j",
	"ConversionSoftware": "dcm2niix",
	"ConversionSoftwareVersion": "v1.0.20170724 (OpenJPEG build) GCC6.1.0"
}
