{
	"Modality": "MR",
	"MagneticFieldStrength": 3,
	"Manufacturer": "Siemens",
	"ManufacturersModelName": "Prisma_fit",
	"InstitutionName": "UCSB_Brain_Imaging_Center",
	"InstitutionalDepartmentName": "Psych_Department",
	"InstitutionAddress": "UCEN_Rd_551_Bldg_251_Isla_Vista_Los_Angeles_US_93117",
	"DeviceSerialNumber": "67022",
	"StationName": "MRC35273",
	"BodyPartExamined": "HEAD",
	"PatientPosition": "HFS",
	"ProcedureStepDescription": "Mendoza_Compressed_Sensing_DSI",
	"SoftwareVersions": "syngo_MR_D13D",
	"MRAcquisitionType": "2D",
	"SeriesDescription": "CS-DSI_64_PA",
	"ProtocolName": "CS-DSI_64_PA",
	"ScanningSequence": "EP",
	"SequenceVariant": "SK_SS",
	"ScanOptions": "PFP_FS",
	"SequenceName": "ep_b5#1",
	"ImageType": ["ORIGINAL", "PRIMARY", "DIFFUSION", "NONE", "MB", "ND", "NORM", "MOSAIC"],
	"SeriesNumber": 4,
	"AcquisitionTime": "11:02:45.692500",
	"AcquisitionNumber": 1,
	"ImageComments": "Unaliased_MB3_PE4_SENSE1",
	"SliceThickness": 1.8,
	"SpacingBetweenSlices": 1.8,
	"SAR": 0.24094,
	"EchoTime": 0.1,
	"RepetitionTime": 4.23,
	"FlipAngle": 90,
	"PartialFourier": 0.875,
	"BaseResolution": 146,
	"ShimSetting": [
		-4135,
		1366,
		-5899,
		328,
		4,
		-124,
		-40,
		10	],
	"TxRefAmp": 211.376,
	"PhaseResolution": 1,
	"ReceiveCoilName": "HeadNeck_64",
	"ReceiveCoilActiveElements": "HC1-6",
	"PulseSequenceDetails": "%CustomerSeq%_cmrr_mbep2d_diff",
	"ConsistencyInfo": "N4_VD13D_LATEST_20130810",
	"MultibandAccelerationFactor": 3,
	"PercentPhaseFOV": 100,
	"EchoTrainLength": 64,
	"PhaseEncodingSteps": 127,
	"AcquisitionMatrixPE": 146,
	"ReconMatrixPE": 146,
	"BandwidthPerPixelPhaseEncode": 21.744,
	"ParallelReductionFactorInPlane": 2,
	"EffectiveEchoSpacing": 0.000314998,
	"DerivedVendorReportedEchoSpacing": 0.000629996,
	"TotalReadoutTime": 0.0456747,
	"PixelBandwidth": 2140,
	"DwellTime": 1.6e-06,
	"PhaseEncodingDirection": "j-",
	"SliceTiming": [
		0,
		2.1825,
		0.1575,
		2.34,
		0.3125,
		2.495,
		0.4675,
		2.65,
		0.625,
		2.8075,
		0.78,
		2.9625,
		0.935,
		3.12,
		1.0925,
		3.275,
		1.2475,
		3.43,
		1.4025,
		3.5875,
		1.56,
		3.7425,
		1.715,
		3.8975,
		1.8725,
		4.055,
		2.0275,
		0,
		2.1825,
		0.1575,
		2.34,
		0.3125,
		2.495,
		0.4675,
		2.65,
		0.625,
		2.8075,
		0.78,
		2.9625,
		0.935,
		3.12,
		1.0925,
		3.275,
		1.2475,
		3.43,
		1.4025,
		3.5875,
		1.56,
		3.7425,
		1.715,
		3.8975,
		1.8725,
		4.055,
		2.0275,
		0,
		2.1825,
		0.1575,
		2.34,
		0.3125,
		2.495,
		0.4675,
		2.65,
		0.625,
		2.8075,
		0.78,
		2.9625,
		0.935,
		3.12,
		1.0925,
		3.275,
		1.2475,
		3.43,
		1.4025,
		3.5875,
		1.56,
		3.7425,
		1.715,
		3.8975,
		1.8725,
		4.055,
		2.0275	],
	"ImageOrientationPatientDICOM": [
		1,
		0,
		0,
		0,
		1,
		0	],
	"InPlanePhaseEncodingDirectionDICOM": "COL",
	"ConversionSoftware": "dcm2niix",
	"ConversionSoftwareVersion": "v1.0.20180622 GCC4.8.2"
}
