{
	"Manufacturer": "Siemens",
	"ManufacturersModelName": "Prisma_fit",
	"EchoTrainLength": 105,
	"AcquisitionNumber": 1,
	"InstitutionName": "HUP",
	"InstitutionAddress": "Spruce_Street_3400_Philadelphia_Pennsylvania_US_19104",
	"DeviceSerialNumber": "167024",
	"SoftwareVersions": "syngo_MR_E11",
	"ProcedureStepDescription": "MR_HEAD_WO_IV_CONTRAST",
	"ScanningSequence": "EP",
	"SequenceVariant": "SK_SP",
	"SeriesDescription": "ABCD_dMRI",
	"BodyPartExamined": "BRAIN",
	"ProtocolName": "ABCD_dMRI",
	"SequenceName": "ep_b0",
	"ImageType": ["ORIGINAL", "PRIMARY", "DIFFUSION", "NONE", "ND", "MOSAIC"],
	"AcquisitionTime": "16:31:6.145000",
	"MagneticFieldStrength": 3,
	"FlipAngle": 90,
	"EchoTime": 0.089,
	"RepetitionTime": 4.2,
	"PhaseEncodingLines": 140,
	"BandwidthPerPixelPhaseEncode": 10.352,
	"EffectiveEchoSpacing": 0.000689998,
	"TotalReadoutTime": 0.0717598,
	"SliceTiming": [
		0,
		2.1675,
		0.155,
		2.3225,
		0.31,
		2.4775,
		0.465,
		2.6325,
		0.62,
		2.785,
		0.7725,
		2.94,
		0.9275,
		3.095,
		1.0825,
		3.25,
		1.2375,
		3.405,
		1.3925,
		3.56,
		1.5475,
		3.715,
		1.7025,
		3.87,
		1.8575,
		4.025,
		2.0125,
		0,
		2.1675,
		0.155,
		2.3225,
		0.31,
		2.4775,
		0.465,
		2.6325,
		0.62,
		2.785,
		0.7725,
		2.94,
		0.9275,
		3.095,
		1.0825,
		3.25,
		1.2375,
		3.405,
		1.3925,
		3.56,
		1.5475,
		3.715,
		1.7025,
		3.87,
		1.8575,
		4.025,
		2.0125,
		0,
		2.1675,
		0.155,
		2.3225,
		0.31,
		2.4775,
		0.465,
		2.6325,
		0.62,
		2.785,
		0.7725,
		2.94,
		0.9275,
		3.095,
		1.0825,
		3.25,
		1.2375,
		3.405,
		1.3925,
		3.56,
		1.5475,
		3.715,
		1.7025,
		3.87,
		1.8575,
		4.025,
		2.0125	],
	"PhaseEncodingDirection": "j",
	"ConversionSoftware": "dcm2niix",
	"ConversionSoftwareVersion": "v1.0.20170724 (OpenJPEG build) GCC6.1.0"
}
