{
	"Manufacturer": "Siemens",
	"ManufacturersModelName": "Prisma_fit",
	"EchoTrainLength": 190,
	"AcquisitionNumber": 1,
	"InstitutionName": "HUP",
	"InstitutionAddress": "Spruce_Street_3400_Philadelphia_Pennsylvania_US_19104",
	"DeviceSerialNumber": "167024",
	"SoftwareVersions": "syngo_MR_E11",
	"ProcedureStepDescription": "MR_HEAD_WO_IV_CONTRAST",
	"ScanningSequence": "SE",
	"SequenceVariant": "SK_SP",
	"SeriesDescription": "ABCD_T2w_SPC_vNav",
	"BodyPartExamined": "BRAIN",
	"ProtocolName": "ABCD_T2w_SPC_vNav",
	"SequenceName": "spc_200ns",
	"ImageType": ["ORIGINAL", "PRIMARY", "M", "ND", "NORM"],
	"AcquisitionTime": "16:22:21.980000",
	"MagneticFieldStrength": 3,
	"FlipAngle": 120,
	"EchoTime": 0.565,
	"RepetitionTime": 3.2,
	"PhaseEncodingLines": 256,
	"PhaseEncodingDirection": "i-",
	"ConversionSoftware": "dcm2niix",
	"ConversionSoftwareVersion": "v1.0.20170724 (OpenJPEG build) GCC6.1.0"
}
