{
	"Modality": "MR",
	"MagneticFieldStrength": 3,
	"Manufacturer": "Siemens",
	"ManufacturersModelName": "Prisma_fit",
	"InstitutionName": "UCSB_Brain_Imaging_Center",
	"InstitutionalDepartmentName": "Psych_Department",
	"InstitutionAddress": "UCEN_Rd_551_Bldg_251_Isla_Vista_Los_Angeles_US_93117",
	"DeviceSerialNumber": "67022",
	"StationName": "MRC35273",
	"BodyPartExamined": "HEAD",
	"PatientPosition": "HFS",
	"ProcedureStepDescription": "Grafton_Cieslak",
	"SoftwareVersions": "syngo_MR_D13D",
	"MRAcquisitionType": "3D",
	"SeriesDescription": "t1_mprage_0.8mm",
	"ProtocolName": "t1_mprage_0.8mm",
	"ScanningSequence": "GR_IR",
	"SequenceVariant": "SK_SP_MP_OSP",
	"ScanOptions": "IR_WE",
	"SequenceName": "_tfl3d1_16ns",
	"ImageType": ["ORIGINAL", "PRIMARY", "M", "ND", "NORM"],
	"SeriesNumber": 2,
	"AcquisitionTime": "15:21:49.290000",
	"AcquisitionNumber": 1,
	"SliceThickness": 0.8,
	"SAR": 0.0419944,
	"EchoTime": 0.00231,
	"RepetitionTime": 2.5,
	"InversionTime": 0.934,
	"FlipAngle": 7,
	"PartialFourier": 1,
	"BaseResolution": 320,
	"ShimSetting": [
		-4135,
		1342,
		-5847,
		263,
		-26,
		-138,
		109,
		19	],
	"TxRefAmp": 283.538,
	"PhaseResolution": 1,
	"PhaseOversampling": 0.1,
	"ReceiveCoilName": "HeadNeck_64",
	"ReceiveCoilActiveElements": "HC1-7;NC1",
	"PulseSequenceDetails": "%SiemensSeq%_tfl",
	"ConsistencyInfo": "N4_VD13D_LATEST_20130810",
	"PercentPhaseFOV": 100,
	"PhaseEncodingSteps": 351,
	"AcquisitionMatrixPE": 320,
	"ReconMatrixPE": 320,
	"ParallelReductionFactorInPlane": 2,
	"PixelBandwidth": 210,
	"DwellTime": 7.4e-06,
	"ImageOrientationPatientDICOM": [
		-0.00872651,
		0.999962,
		0,
		0,
		0,
		-1	],
	"InPlanePhaseEncodingDirectionDICOM": "ROW",
	"ConversionSoftware": "dcm2niix",
	"ConversionSoftwareVersion": "v1.0.20180622 GCC4.8.2"
}
